GEM
  remote: https://rubygems.org/
  specs:
    mvc (0.1.30)

PLATFORMS
  ruby

DEPENDENCIES
  mvc (~> 0.1.30)

BUNDLED WITH
   2.0.1
