GEM
  remote: https://rubygems.org/
  specs:
    concurrent-ruby (1.1.5)
    faker (1.9.5)
      i18n (>= 0.7)
    i18n (1.6.0)
      concurrent-ruby (~> 1.0)
    mvc (0.1.30)

PLATFORMS
  ruby

DEPENDENCIES
  faker (~> 1.9, >= 1.9.5)
  mvc (~> 0.1.30)

BUNDLED WITH
   2.0.2
